GIT
  remote: git://github.com/dzintars-valoda/dzintars.git
  revision: b5f03a13dfa44daa46e45fe2599e7b70750a3b2b
  specs:
    dzintars (0.0.1)
      ruby2ruby

GEM
  remote: http://rubygems.org/
  specs:
    daemons (1.1.9)
    eventmachine (1.0.3)
    newrelic_rpm (3.6.5.130)
    rack (1.5.2)
    rack-protection (1.5.0)
      rack
    ruby2ruby (2.0.6)
      ruby_parser (~> 3.1)
      sexp_processor (~> 4.0)
    ruby_parser (3.2.1)
      sexp_processor (~> 4.1)
    sexp_processor (4.2.1)
    shotgun (0.9)
      rack (>= 1.0)
    sinatra (1.4.3)
      rack (~> 1.4)
      rack-protection (~> 1.4)
      tilt (~> 1.3, >= 1.3.4)
    thin (1.5.1)
      daemons (>= 1.0.9)
      eventmachine (>= 0.12.6)
      rack (>= 1.0.0)
    tilt (1.4.1)

PLATFORMS
  ruby

DEPENDENCIES
  dzintars!
  newrelic_rpm
  shotgun
  sinatra
  thin
